GIT
  remote: git://github.com/datamapper/dm-core.git
  revision: 613f0593b92f026469cf171b237b4f3bf3db7ac5
  specs:
    dm-core (1.0.0)
      addressable (~> 2.2)
      extlib (~> 0.9.15)

GIT
  remote: git://github.com/datamapper/dm-migrations.git
  revision: 6fec31c554f4dcc6773abf27896bf28353df29cd
  specs:
    dm-migrations (1.0.0)
      dm-core (~> 1.0.0)

GEM
  remote: http://rubygems.org/
  specs:
    activesupport (3.0.0)
    addressable (2.2.0)
    extlib (0.9.15)
    git (1.2.5)
    jeweler (1.5.0.pre2)
      bundler (>= 1.0.0.rc.5)
      git (>= 1.2.5)
      rake
    rake (0.8.7)
    rdiscount (1.6.5)
    rspec (1.3.0)
    yard (0.6.0)

PLATFORMS
  ruby

DEPENDENCIES
  activesupport (~> 3.0.0)
  dm-core (~> 1.0.0)!
  dm-migrations (~> 1.0.0)!
  jeweler (~> 1.5.0.pre)
  rake (~> 0.8.7)
  rdiscount (~> 1.6.3)
  rspec (~> 1.3.0)
  yard (~> 0.6.0)
