GIT
  remote: http://github.com/datamapper/dm-core.git
  revision: 89fc6eca3a198468617db6f77d8d157f6a013c52
  specs:
    dm-core (1.0.2)
      addressable (~> 2.2)
      extlib (~> 0.9.15)

GIT
  remote: http://github.com/datamapper/dm-do-adapter.git
  revision: c919095ae1a9a60229d0fda690f6fd7146c5d969
  specs:
    dm-do-adapter (1.0.2)
      data_objects (~> 0.10.2)
      dm-core (~> 1.0.2)

GIT
  remote: http://github.com/datamapper/dm-migrations.git
  revision: a6ef38db64449a8f7594f116fecaa9b90313a249
  specs:
    dm-migrations (1.0.2)
      dm-core (~> 1.0.2)

GIT
  remote: http://github.com/datamapper/dm-sqlite-adapter.git
  revision: be5eb74de8ce118d761f4fc55f3e5c3eb3b92315
  specs:
    dm-sqlite-adapter (1.0.2)
      dm-do-adapter (~> 1.0.2)
      do_sqlite3 (~> 0.10.2)

GIT
  remote: http://github.com/datamapper/do.git
  revision: 962a33c6ac2efa486206e60ddb10ab4da2c48927
  specs:
    data_objects (0.10.3)
      addressable (~> 2.1)
    do_sqlite3 (0.10.3)
      data_objects (= 0.10.3)

GEM
  remote: http://rubygems.org/
  specs:
    activesupport (3.0.1)
    addressable (2.2.2)
    diff-lcs (1.1.2)
    extlib (0.9.15)
    ore (0.2.3)
      thor (~> 0.14.3)
    ore-tasks (0.1.3)
    rake (0.8.7)
    rdiscount (1.6.5)
    rspec (2.0.1)
      rspec-core (~> 2.0.1)
      rspec-expectations (~> 2.0.1)
      rspec-mocks (~> 2.0.1)
    rspec-core (2.0.1)
    rspec-expectations (2.0.1)
      diff-lcs (>= 1.1.2)
    rspec-mocks (2.0.1)
      rspec-core (~> 2.0.1)
      rspec-expectations (~> 2.0.1)
    thor (0.14.4)
    yard (0.6.1)

PLATFORMS
  ruby

DEPENDENCIES
  activesupport (~> 3.0.0)
  data_objects (~> 0.10.3)!
  dm-core (~> 1.0.0)!
  dm-do-adapter (~> 1.0.0)!
  dm-migrations (~> 1.0.0)!
  dm-sqlite-adapter (~> 1.0.0)!
  do_sqlite3 (~> 0.10.3)!
  ore (~> 0.2.0)
  ore-tasks (~> 0.1.2)
  rake (~> 0.8.7)
  rdiscount (~> 1.6.3)
  rspec (~> 2.0.0)
  yard (~> 0.6.0)
